GEM
  remote: http://rubygems.org/
  specs:
    activesupport (3.2.1)
      i18n (~> 0.6)
      multi_json (~> 1.0)
    coderay (1.0.5)
    deep_struct (1.1.0)
    diff-lcs (1.1.3)
    i18n (0.6.0)
    method_source (0.7.0)
    multi_json (1.0.4)
    pry (0.9.8.2)
      coderay (~> 1.0.5)
      method_source (~> 0.7)
      slop (>= 2.4.4, < 3)
    rspec (2.8.0)
      rspec-core (~> 2.8.0)
      rspec-expectations (~> 2.8.0)
      rspec-mocks (~> 2.8.0)
    rspec-core (2.8.0)
    rspec-expectations (2.8.0)
      diff-lcs (~> 1.1.2)
    rspec-mocks (2.8.0)
    slop (2.4.4)

PLATFORMS
  ruby

DEPENDENCIES
  activesupport
  deep_struct
  pry
  rspec
